GIT
  remote: https://github.com/bblimke/webmock.git
  revision: e2c2e278f5ee8db7e9e6f40822ad24cd783ae91b
  specs:
    webmock (1.9.0)
      addressable (>= 2.2.7)
      crack (>= 0.1.7)

GIT
  remote: https://github.com/jnunemaker/crack.git
  revision: b1b16580d754ab08d62826963dfd5e5f9991eb58
  specs:
    crack (0.3.1)

GEM
  specs:
    addressable (2.3.2)
    diff-lcs (1.1.3)
    metaclass (0.0.1)
    mocha (0.13.1)
      metaclass (~> 0.0.1)
    rspec (2.12.0)
      rspec-core (~> 2.12.0)
      rspec-expectations (~> 2.12.0)
      rspec-mocks (~> 2.12.0)
    rspec-core (2.12.1)
    rspec-expectations (2.12.0)
      diff-lcs (~> 1.1.3)
    rspec-mocks (2.12.0)

PLATFORMS
  ruby

DEPENDENCIES
  crack!
  mocha
  rspec
  webmock!
